GEM
  remote: https://rubygems.org/
  specs:
    faraday (0.9.2)
      multipart-post (>= 1.2, < 3)
    gibbon (2.2.1)
      faraday (>= 0.9.1)
      multi_json (>= 1.11.0)
    multi_json (1.11.2)
    multipart-post (2.0.0)
    swiftype (1.2.0)

PLATFORMS
  ruby

DEPENDENCIES
  faraday
  gibbon
  swiftype

BUNDLED WITH
   1.10.4
