GEM
  remote: https://rubygems.org/
  specs:
    swiftype (1.2.0)

PLATFORMS
  ruby

DEPENDENCIES
  swiftype

BUNDLED WITH
   1.10.4
